GEM
  remote: http://rubygems.org/
  specs:
    addressable (2.2.3)
    diff-lcs (1.1.2)
    em-dir-watcher (0.9.4)
    em-websocket (0.2.0)
      addressable (>= 2.1.1)
      eventmachine (>= 0.12.9)
    eventmachine (0.12.10)
    jasmine (1.0.1.1)
      json_pure (>= 1.4.3)
      rack (>= 1.0.0)
      rake (>= 0.8.7)
      rspec (>= 1.1.5)
      selenium-client (>= 1.2.17)
      selenium-rc (>= 2.1.0)
    json_pure (1.5.1)
    livereload (1.5)
      em-dir-watcher (>= 0.1)
      em-websocket (>= 0.1.2)
      ruby-json (>= 1.1.2)
    rack (1.1.0)
    rake (0.8.7)
    rspec (2.4.0)
      rspec-core (~> 2.4.0)
      rspec-expectations (~> 2.4.0)
      rspec-mocks (~> 2.4.0)
    rspec-core (2.4.0)
    rspec-expectations (2.4.0)
      diff-lcs (~> 1.1.2)
    rspec-mocks (2.4.0)
    ruby-json (1.1.2)
    selenium-client (1.2.18)
    selenium-rc (2.2.4)
      selenium-client (>= 1.2.18)

PLATFORMS
  ruby

DEPENDENCIES
  jasmine
  livereload
  rack (~> 1.1.0)
